NUGET
  remote: https://nuget.org/api/v2
  specs:
    FSharp.Compiler (3.0.0.0)
    FSharp.Compiler.Service (2.0.0.2)
    FSharp.Core (4.0.0.1)
    Microsoft.Owin (3.0.1)
      Owin (>= 1.0)
    Microsoft.Owin.FileSystems (3.0.1)
    Microsoft.Owin.Host.HttpListener (3.0.1)
    Microsoft.Owin.Hosting (3.0.1)
      Microsoft.Owin (>= 3.0.1)
      Owin (>= 1.0)
    Microsoft.Owin.StaticFiles (3.0.1)
      Microsoft.Owin (>= 3.0.1)
      Microsoft.Owin.FileSystems (>= 3.0.1)
      Owin (>= 1.0)
    Mono.Cecil (0.9.6.1)
    Owin (1.0.0)
    WebSharper (3.6.7.227)
    WebSharper.Compiler (3.6.7.227)
      WebSharper (>= 3.6.7.227)
    WebSharper.Owin (3.6.5.120)
      Microsoft.Owin (>= 3.0.1)
      Owin (>= 1.0.0)
      WebSharper (>= 3.6.7.227)
    WebSharper.UI.Next (3.6.6.202)
      WebSharper (>= 3.6.7.227)
