NUGET
  remote: https://nuget.org/api/v2
  specs:
    FSharp.Compiler (3.0.0.0)
    FSharp.Compiler.Service (1.4.2.1)
    FSharp.Core (4.0.0.1)
    Microsoft.Owin (3.0.1)
      Owin (>= 1.0)
    Microsoft.Owin.FileSystems (3.0.1)
    Microsoft.Owin.Host.HttpListener (3.0.1)
    Microsoft.Owin.Hosting (3.0.1)
      Microsoft.Owin (>= 3.0.1)
      Owin (>= 1.0)
    Microsoft.Owin.StaticFiles (3.0.1)
      Microsoft.Owin (>= 3.0.1)
      Microsoft.Owin.FileSystems (>= 3.0.1)
      Owin (>= 1.0)
    Mono.Cecil (0.9.6.1)
    Owin (1.0.0)
    WebSharper (3.6.2.220)
    WebSharper.Compiler (3.6.2.220)
      WebSharper (>= 3.6.2.220)
    WebSharper.Owin (3.6.1.115)
      Microsoft.Owin (>= 3.0.1)
      Owin (>= 1.0)
      WebSharper (>= 3.6.2.220)
    WebSharper.UI.Next (3.6.2.196)
      WebSharper (>= 3.6.2.220)
